GIT
  remote: https://github.com/tomdalling/defstruct.git
  revision: fc0826716cd1434046a00c216df87c9a9f74db00
  specs:
    defstruct (0.0.1)

GEM
  remote: https://rubygems.org/
  specs:
    diff-lcs (1.4.4)
    gosu (0.8.7.2)
    rspec (3.10.0)
      rspec-core (~> 3.10.0)
      rspec-expectations (~> 3.10.0)
      rspec-mocks (~> 3.10.0)
    rspec-core (3.10.1)
      rspec-support (~> 3.10.0)
    rspec-expectations (3.10.1)
      diff-lcs (>= 1.2.0, < 2.0)
      rspec-support (~> 3.10.0)
    rspec-mocks (3.10.2)
      diff-lcs (>= 1.2.0, < 2.0)
      rspec-support (~> 3.10.0)
    rspec-support (3.10.2)

PLATFORMS
  ruby
  x86_64-darwin-18

DEPENDENCIES
  defstruct!
  gosu (~> 0.8.7.2)
  rspec (~> 3.2)

BUNDLED WITH
   2.2.7
